GEM
  remote: https://rubygems.org/
  specs:
    celluloid (0.16.0)
      timers (~> 4.0.0)
    ffi (1.9.25)
    hitimes (1.3.0)
    listen (2.10.1)
      celluloid (~> 0.16.0)
      rb-fsevent (>= 0.9.3)
      rb-inotify (>= 0.9)
    rb-fsevent (0.10.3)
    rb-inotify (0.9.10)
      ffi (>= 0.5.0, < 2)
    timers (4.0.4)
      hitimes

PLATFORMS
  ruby

DEPENDENCIES
  listen (~> 2.0)

BUNDLED WITH
   1.14.6
